GEM
  remote: https://rubygems.org/
  specs:
    em-synchrony (1.0.6)
      eventmachine (>= 1.0.0.beta.1)
    eventmachine (1.2.7)

PLATFORMS
  ruby

DEPENDENCIES
  em-synchrony (~> 1.0)
  eventmachine (~> 1.2)

RUBY VERSION
   ruby 2.4.1p111

BUNDLED WITH
   1.16.6
